PATH
  remote: .
  specs:
    resque-lock (1.1.0)

GEM
  remote: https://rubygems.org/
  specs:
    ast (2.4.2)
    connection_pool (2.3.0)
    json (2.6.3)
    mono_logger (1.1.1)
    multi_json (1.15.0)
    mustermann (3.0.0)
      ruby2_keywords (~> 0.0.1)
    parallel (1.22.1)
    parser (3.3.3.0)
      ast (~> 2.4.1)
      racc
    power_assert (2.0.3)
    racc (1.8.0)
    rack (2.2.9)
    rack-protection (3.0.5)
      rack
    rainbow (3.1.1)
    rake (13.0.6)
    redis (5.0.5)
      redis-client (>= 0.9.0)
    redis-client (0.11.2)
      connection_pool
    redis-namespace (1.10.0)
      redis (>= 4)
    regexp_parser (2.6.1)
    resque (2.4.0)
      mono_logger (~> 1.0)
      multi_json (~> 1.0)
      redis-namespace (~> 1.6)
      sinatra (>= 0.9.2)
    rexml (3.2.5)
    rubocop (1.41.1)
      json (~> 2.3)
      parallel (~> 1.10)
      parser (>= 3.1.2.1)
      rainbow (>= 2.2.2, < 4.0)
      regexp_parser (>= 1.8, < 3.0)
      rexml (>= 3.2.5, < 4.0)
      rubocop-ast (>= 1.23.0, < 2.0)
      ruby-progressbar (~> 1.7)
      unicode-display_width (>= 1.4.0, < 3.0)
    rubocop-ast (1.30.0)
      parser (>= 3.2.1.0)
    ruby-progressbar (1.11.0)
    ruby2_keywords (0.0.5)
    sinatra (3.0.5)
      mustermann (~> 3.0)
      rack (~> 2.2, >= 2.2.4)
      rack-protection (= 3.0.5)
      tilt (~> 2.0)
    test-unit (3.5.7)
      power_assert
    tilt (2.0.11)
    unicode-display_width (2.4.2)

PLATFORMS
  x86_64-darwin-21
  x86_64-linux

DEPENDENCIES
  rake
  resque
  resque-lock!
  rubocop (~> 1.41.1)
  rubocop-ast (~> 1.30.0)
  test-unit

BUNDLED WITH
   2.2.27
